{
	"TaskName": "BAS/BIS",
    "Modality": "MR",
	"MagneticFieldStrength": 3,
	"ImagingFrequency": 123.249,
	"Manufacturer": "Siemens",
	"ManufacturersModelName": "Prisma_fit",
	"InstitutionName": "East_China_Normal_University",
	"InstitutionalDepartmentName": "Department",
	"InstitutionAddress": "ZHONG_SHAN_BEI_3663_SHANGHAI_District_CN_200062",
	"DeviceSerialNumber": "167027",
	"StationName": "MRC35302",
	"BodyPartExamined": "HEAD",
	"PatientPosition": "HFS",
	"ProcedureStepDescription": "Yuqiurong_jiajia",
	"SoftwareVersions": "syngo_MR_E11",
	"MRAcquisitionType": "2D",
	"SeriesDescription": "ABI1_bold_rest",
	"ProtocolName": "ABI1_bold_rest",
	"ScanningSequence": "EP",
	"SequenceVariant": "SK",
	"ScanOptions": "FS",
	"SequenceName": "_epfid2d1_64",
	"ImageType": ["ORIGINAL", "PRIMARY", "M", "ND", "MOSAIC"],
	"SeriesNumber": 3,
	"AcquisitionTime": "21:02:52.375000",
	"AcquisitionNumber": 1,
	"SliceThickness": 3.5,
	"SpacingBetweenSlices": 4.2,
	"SAR": 0.132557,
	"EchoTime": 0.03,
	"RepetitionTime": 2,
	"FlipAngle": 90,
	"PartialFourier": 1,
	"BaseResolution": 64,
	"ShimSetting": [
		995,
		1641,
		1430,
		470,
		-32,
		-97,
		103,
		-5	],
	"TxRefAmp": 250.925,
	"PhaseResolution": 1,
	"ReceiveCoilName": "HeadNeck_20",
	"ReceiveCoilActiveElements": "HE1-4",
	"PulseSequenceDetails": "%SiemensSeq%_ep2d_bold",
	"ConsistencyInfo": "N4_VE11C_LATEST_20160120",
	"PercentPhaseFOV": 100,
	"PercentSampling": 100,
	"EchoTrainLength": 64,
	"PhaseEncodingSteps": 64,
	"AcquisitionMatrixPE": 64,
	"ReconMatrixPE": 64,
	"BandwidthPerPixelPhaseEncode": 31.888,
	"EffectiveEchoSpacing": 0.000489996,
	"DerivedVendorReportedEchoSpacing": 0.000489996,
	"TotalReadoutTime": 0.0308698,
	"PixelBandwidth": 2365,
	"DwellTime": 3.3e-06,
	"PhaseEncodingDirection": "j",
	"SliceTiming": [
		0,
		1.02,
		0.06,
		1.08,
		0.12,
		1.14,
		0.18,
		1.2,
		0.24,
		1.26,
		0.3,
		1.32,
		0.36,
		1.38,
		0.42,
		1.4375,
		0.48,
		1.4975,
		0.54,
		1.5575,
		0.6,
		1.6175,
		0.66,
		1.6775,
		0.72,
		1.7375,
		0.78,
		1.7975,
		0.84,
		1.8575,
		0.9,
		1.9175,
		0.96	],
	"ImageOrientationPatientDICOM": [
		0.999194,
		0.00328945,
		0.0400153,
		2.96012e-08,
		0.996638,
		-0.0819291	],
	"InPlanePhaseEncodingDirectionDICOM": "COL",
	"ConversionSoftware": "dcm2niix",
	"ConversionSoftwareVersion": "v1.0.20200331"
}
