{
	"TaskName": "BAS/BIS",
    "Modality": "MR",
	"MagneticFieldStrength": 3,
	"ImagingFrequency": 123.249,
	"Manufacturer": "Siemens",
	"ManufacturersModelName": "Prisma_fit",
	"InstitutionName": "East_China_Normal_University",
	"InstitutionalDepartmentName": "Department",
	"InstitutionAddress": "ZHONG_SHAN_BEI_3663_SHANGHAI_District_CN_200062",
	"DeviceSerialNumber": "167027",
	"StationName": "MRC35302",
	"BodyPartExamined": "HEAD",
	"PatientPosition": "HFS",
	"ProcedureStepDescription": "Yuqiurong_jiajia",
	"SoftwareVersions": "syngo_MR_E11",
	"MRAcquisitionType": "2D",
	"SeriesDescription": "ABI1_bold_rest",
	"ProtocolName": "ABI1_bold_rest",
	"ScanningSequence": "EP",
	"SequenceVariant": "SK",
	"ScanOptions": "FS",
	"SequenceName": "_epfid2d1_64",
	"ImageType": ["ORIGINAL", "PRIMARY", "M", "ND", "MOSAIC"],
	"SeriesNumber": 3,
	"AcquisitionTime": "19:14:35.340000",
	"AcquisitionNumber": 1,
	"SliceThickness": 3.5,
	"SpacingBetweenSlices": 4.2,
	"SAR": 0.122515,
	"EchoTime": 0.03,
	"RepetitionTime": 2,
	"FlipAngle": 90,
	"PartialFourier": 1,
	"BaseResolution": 64,
	"ShimSetting": [
		1016,
		1601,
		1398,
		335,
		10,
		-378,
		-36,
		-78	],
	"TxRefAmp": 252.008,
	"PhaseResolution": 1,
	"ReceiveCoilName": "HeadNeck_20",
	"ReceiveCoilActiveElements": "HE1-4;NE1,2",
	"CoilString": "HE1-4;NE1_2",
	"PulseSequenceDetails": "%SiemensSeq%_ep2d_bold",
	"ConsistencyInfo": "N4_VE11C_LATEST_20160120",
	"PercentPhaseFOV": 100,
	"PercentSampling": 100,
	"EchoTrainLength": 64,
	"PhaseEncodingSteps": 64,
	"AcquisitionMatrixPE": 64,
	"ReconMatrixPE": 64,
	"BandwidthPerPixelPhaseEncode": 31.888,
	"EffectiveEchoSpacing": 0.000489996,
	"DerivedVendorReportedEchoSpacing": 0.000489996,
	"TotalReadoutTime": 0.0308698,
	"PixelBandwidth": 2365,
	"DwellTime": 3.3e-06,
	"PhaseEncodingDirection": "j",
	"SliceTiming": [
		0,
		1.02,
		0.06,
		1.08,
		0.12,
		1.14,
		0.18,
		1.2,
		0.24,
		1.26,
		0.3,
		1.32,
		0.36,
		1.38,
		0.42,
		1.44,
		0.48,
		1.5,
		0.54,
		1.56,
		0.6,
		1.62,
		0.66,
		1.6775,
		0.72,
		1.7375,
		0.78,
		1.7975,
		0.84,
		1.8575,
		0.9,
		1.9175,
		0.96	],
	"ImageOrientationPatientDICOM": [
		0.999989,
		-2.57642e-05,
		0.00475167,
		2.95324e-08,
		0.999985,
		0.00541584	],
	"InPlanePhaseEncodingDirectionDICOM": "COL",
	"ConversionSoftware": "dcm2niix",
	"ConversionSoftwareVersion": "v1.0.20200331"
}
